GEM
  remote: https://rubygems.org/
  specs:
    json (1.8.3)
    logger (1.2.8)
    mini_portile2 (2.0.0)
    nokogiri (1.6.7.2)
      mini_portile2 (~> 2.0.0.rc2)

PLATFORMS
  ruby

DEPENDENCIES
  json
  logger
  nokogiri

BUNDLED WITH
   1.12.5
