GEM
  remote: https://rubygems.org/
  specs:
    json (2.1.0)
    logger (1.3.0)
    logger-colors (1.0.0)
    mini_portile2 (2.4.0)
    nokogiri (1.10.4)
      mini_portile2 (~> 2.4.0)

PLATFORMS
  ruby

DEPENDENCIES
  json (>= 2.1.0)
  logger (>= 1.3.0)
  logger-colors
  nokogiri (>= 1.8.5)

BUNDLED WITH
   1.16.5
