GEM
  remote: https://rubygems.org/
  specs:
    json (2.3.1)
    logger (1.4.2)
    logger-colors (1.0.0)
    mini_portile2 (2.6.1)
    nokogiri (1.12.5)
      mini_portile2 (~> 2.6.1)
      racc (~> 1.4)
    racc (1.5.2)

PLATFORMS
  ruby

DEPENDENCIES
  json (>= 2.1.0)
  logger (>= 1.3.0)
  logger-colors
  nokogiri (>= 1.8.5)

BUNDLED WITH
   2.1.4
